GEM
  remote: https://rubygems.org/
  specs:
    chunky_png (1.2.7)
    compass (0.13.alpha.2)
      chunky_png (~> 1.2)
      listen (~> 0.5.3)
      sass (~> 3.2.0.alpha.93)
    listen (0.5.3)
    rack (1.5.2)
    rack-protection (1.5.0)
      rack
    sass (3.2.7)
    sinatra (1.4.2)
      rack (~> 1.5, >= 1.5.2)
      rack-protection (~> 1.4)
      tilt (~> 1.3, >= 1.3.4)
    sinatra-respond_to (0.9.0)
      sinatra (~> 1.3)
    tilt (1.3.6)

PLATFORMS
  ruby

DEPENDENCIES
  compass (~> 0.13.alpha.2)
  sass
  sinatra
  sinatra-respond_to
